GEM
  remote: http://rubygems.org/
  specs:
    aasm (3.0.14)
    abstract (1.0.0)
    actionmailer (3.0.17)
      actionpack (= 3.0.17)
      mail (~> 2.2.19)
    actionpack (3.0.17)
      activemodel (= 3.0.17)
      activesupport (= 3.0.17)
      builder (~> 2.1.2)
      erubis (~> 2.6.6)
      i18n (~> 0.5.0)
      rack (~> 1.2.5)
      rack-mount (~> 0.6.14)
      rack-test (~> 0.5.7)
      tzinfo (~> 0.3.23)
    activemodel (3.0.17)
      activesupport (= 3.0.17)
      builder (~> 2.1.2)
      i18n (~> 0.5.0)
    activerecord (3.0.17)
      activemodel (= 3.0.17)
      activesupport (= 3.0.17)
      arel (~> 2.0.10)
      tzinfo (~> 0.3.23)
    activeresource (3.0.17)
      activemodel (= 3.0.17)
      activesupport (= 3.0.17)
    activesupport (3.0.17)
    acts_as_list (0.1.8)
    acts_as_state_machine (2.2.0)
      activerecord (>= 2.1)
    airbrake (3.1.6)
      builder
      girl_friday
    arel (2.0.10)
    aws-s3 (0.6.3)
      builder
      mime-types
      xml-simple
    builder (2.1.2)
    capistrano (2.13.5)
      highline
      net-scp (>= 1.0.0)
      net-sftp (>= 2.0.0)
      net-ssh (>= 2.0.14)
      net-ssh-gateway (>= 1.1.0)
    cocaine (0.4.2)
    commonjs (0.2.6)
    connection_pool (0.9.2)
    dalli (2.3.0)
    erubis (2.6.6)
      abstract (>= 1.0.0)
    factory_girl (4.1.0)
      activesupport (>= 3.0.0)
    girl_friday (0.10.0)
      connection_pool (~> 0.9.0)
    highline (1.6.15)
    i18n (0.5.0)
    json (1.7.5)
    less (2.2.2)
      commonjs (~> 0.2.6)
    libv8 (3.3.10.4)
    liquid (2.4.1)
    mail (2.2.19)
      activesupport (>= 2.3.6)
      i18n (>= 0.4.0)
      mime-types (~> 1.16)
      treetop (~> 1.4.8)
    mime-types (1.19)
    mysql2 (0.2.18)
    net-scp (1.0.4)
      net-ssh (>= 1.99.1)
    net-sftp (2.0.5)
      net-ssh (>= 2.0.9)
    net-ssh (2.6.1)
    net-ssh-gateway (1.1.0)
      net-ssh (>= 1.99.1)
    newrelic_rpm (3.5.0.1)
    paperclip (2.8.0)
      activerecord (>= 2.3.0)
      activesupport (>= 2.3.2)
      cocaine (>= 0.0.2)
      mime-types
    polyglot (0.3.3)
    rack (1.2.5)
    rack-contrib (1.1.0)
      rack (>= 0.9.1)
    rack-mount (0.6.14)
      rack (>= 1.0.0)
    rack-test (0.5.7)
      rack (>= 1.0)
    rails (3.0.17)
      actionmailer (= 3.0.17)
      actionpack (= 3.0.17)
      activerecord (= 3.0.17)
      activeresource (= 3.0.17)
      activesupport (= 3.0.17)
      bundler (~> 1.0)
      railties (= 3.0.17)
    railties (3.0.17)
      actionpack (= 3.0.17)
      activesupport (= 3.0.17)
      rake (>= 0.8.7)
      rdoc (~> 3.4)
      thor (~> 0.14.4)
    rake (0.9.2.2)
    rdoc (3.12)
      json (~> 1.4)
    therubyracer (0.10.2)
      libv8 (~> 3.3.10)
    thor (0.14.6)
    treetop (1.4.12)
      polyglot
      polyglot (>= 0.3.1)
    tzinfo (0.3.35)
    validate_email (0.1.6)
      activemodel (>= 3.0)
      mail (>= 2.2.5)
    xml-simple (1.1.2)

PLATFORMS
  ruby

DEPENDENCIES
  aasm
  acts_as_list
  acts_as_state_machine
  airbrake
  aws-s3
  capistrano
  dalli
  factory_girl
  less
  liquid
  mysql2 (~> 0.2.7)
  newrelic_rpm
  paperclip (~> 2.0)
  rack-contrib
  rails (~> 3.0.3)
  therubyracer
  validate_email
